GEM
  remote: http://rubygems.org/
  specs:
    closure-compiler (0.3.3)
    jbundle (0.0.7)
      closure-compiler
    rack (1.2.1)
    sinatra (1.0)
      rack (>= 1.0)

PLATFORMS
  ruby

DEPENDENCIES
  jbundle (>= 0.0.7)
  sinatra
